GEM
  remote: http://rubygems.org/
  specs:
    backports (3.6.0)
    dalli (2.7.2)
    fusion_tables (0.4.1)
      gdata_19 (>= 1.1.2)
      json (>= 1.7.6)
    gdata_19 (1.1.5)
    haml (4.0.5)
      tilt
    json (1.8.1)
    kgio (2.9.2)
    memcachier (0.0.2)
    multi_json (1.10.1)
    r18n-core (1.1.11)
    rack (1.5.2)
    rack-cache (1.2)
      rack (>= 0.4)
    rack-protection (1.5.3)
      rack
    rack-test (0.6.2)
      rack (>= 1.0)
    raindrops (0.13.0)
    sinatra (1.4.5)
      rack (~> 1.4)
      rack-protection (~> 1.4)
      tilt (~> 1.3, >= 1.3.4)
    sinatra-contrib (1.4.2)
      backports (>= 2.0)
      multi_json
      rack-protection
      rack-test
      sinatra (~> 1.4.0)
      tilt (~> 1.3)
    sinatra-initializers (0.1.4)
    sinatra-r18n (1.1.11)
      r18n-core (= 1.1.11)
      sinatra (>= 1.3)
    sinatra-reloader (1.0)
      sinatra-contrib
    tilt (1.4.1)
    unicorn (4.8.3)
      kgio (~> 2.6)
      rack
      raindrops (~> 0.7)

PLATFORMS
  ruby

DEPENDENCIES
  dalli
  fusion_tables
  haml
  memcachier
  rack-cache
  sinatra
  sinatra-initializers
  sinatra-r18n
  sinatra-reloader
  unicorn
